GEM
  remote: http://rubygems.org/
  specs:
    actioncable (5.0.7.1)
      actionpack (= 5.0.7.1)
      nio4r (>= 1.2, < 3.0)
      websocket-driver (~> 0.6.1)
    actionmailer (5.0.7.1)
      actionpack (= 5.0.7.1)
      actionview (= 5.0.7.1)
      activejob (= 5.0.7.1)
      mail (~> 2.5, >= 2.5.4)
      rails-dom-testing (~> 2.0)
    actionpack (5.0.7.1)
      actionview (= 5.0.7.1)
      activesupport (= 5.0.7.1)
      rack (~> 2.0)
      rack-test (~> 0.6.3)
      rails-dom-testing (~> 2.0)
      rails-html-sanitizer (~> 1.0, >= 1.0.2)
    actionview (5.0.7.1)
      activesupport (= 5.0.7.1)
      builder (~> 3.1)
      erubis (~> 2.7.0)
      rails-dom-testing (~> 2.0)
      rails-html-sanitizer (~> 1.0, >= 1.0.3)
    active_model_serializers (0.10.8)
      actionpack (>= 4.1, < 6)
      activemodel (>= 4.1, < 6)
      case_transform (>= 0.2)
      jsonapi-renderer (>= 0.1.1.beta1, < 0.3)
    activejob (5.0.7.1)
      activesupport (= 5.0.7.1)
      globalid (>= 0.3.6)
    activemodel (5.0.7.1)
      activesupport (= 5.0.7.1)
    activerecord (5.0.7.1)
      activemodel (= 5.0.7.1)
      activesupport (= 5.0.7.1)
      arel (~> 7.0)
    activesupport (5.0.7.1)
      concurrent-ruby (~> 1.0, >= 1.0.2)
      i18n (>= 0.7, < 2)
      minitest (~> 5.1)
      tzinfo (~> 1.1)
    arel (7.1.4)
    bcrypt (3.1.12)
    builder (3.2.3)
    byebug (10.0.2)
    case_transform (0.2)
      activesupport
    concurrent-ruby (1.1.4)
    crass (1.0.4)
    devise (4.5.0)
      bcrypt (~> 3.0)
      orm_adapter (~> 0.1)
      railties (>= 4.1.0, < 6.0)
      responders
      warden (~> 1.2.3)
    devise-jwt (0.5.8)
      devise (~> 4.0)
      warden-jwt_auth (~> 0.3.5)
    dotenv (2.6.0)
    dotenv-rails (2.6.0)
      dotenv (= 2.6.0)
      railties (>= 3.2, < 6.0)
    dry-auto_inject (0.6.0)
      dry-container (>= 0.3.4)
    dry-configurable (0.7.0)
      concurrent-ruby (~> 1.0)
    dry-container (0.6.0)
      concurrent-ruby (~> 1.0)
      dry-configurable (~> 0.1, >= 0.1.3)
    erubis (2.7.0)
    ffi (1.9.25)
    globalid (0.4.1)
      activesupport (>= 4.2.0)
    httparty (0.16.3)
      mime-types (~> 3.0)
      multi_xml (>= 0.5.2)
    i18n (1.3.0)
      concurrent-ruby (~> 1.0)
    jbuilder (2.8.0)
      activesupport (>= 4.2.0)
      multi_json (>= 1.2)
    jsonapi-renderer (0.2.0)
    jwt (2.1.0)
    listen (3.0.8)
      rb-fsevent (~> 0.9, >= 0.9.4)
      rb-inotify (~> 0.9, >= 0.9.7)
    loofah (2.2.3)
      crass (~> 1.0.2)
      nokogiri (>= 1.5.9)
    mail (2.7.1)
      mini_mime (>= 0.1.1)
    method_source (0.9.2)
    mime-types (3.2.2)
      mime-types-data (~> 3.2015)
    mime-types-data (3.2018.0812)
    mini_mime (1.0.1)
    mini_portile2 (2.4.0)
    minitest (5.11.3)
    multi_json (1.13.1)
    multi_xml (0.6.0)
    nio4r (2.3.1)
    nokogiri (1.9.1)
      mini_portile2 (~> 2.4.0)
    orm_adapter (0.5.0)
    pg (1.1.3)
    puma (3.12.0)
    rack (2.0.6)
    rack-test (0.6.3)
      rack (>= 1.0)
    rails (5.0.7.1)
      actioncable (= 5.0.7.1)
      actionmailer (= 5.0.7.1)
      actionpack (= 5.0.7.1)
      actionview (= 5.0.7.1)
      activejob (= 5.0.7.1)
      activemodel (= 5.0.7.1)
      activerecord (= 5.0.7.1)
      activesupport (= 5.0.7.1)
      bundler (>= 1.3.0)
      railties (= 5.0.7.1)
      sprockets-rails (>= 2.0.0)
    rails-dom-testing (2.0.3)
      activesupport (>= 4.2.0)
      nokogiri (>= 1.6)
    rails-html-sanitizer (1.0.4)
      loofah (~> 2.2, >= 2.2.2)
    railties (5.0.7.1)
      actionpack (= 5.0.7.1)
      activesupport (= 5.0.7.1)
      method_source
      rake (>= 0.8.7)
      thor (>= 0.18.1, < 2.0)
    rake (12.3.2)
    rb-fsevent (0.10.3)
    rb-inotify (0.10.0)
      ffi (~> 1.0)
    redis (4.1.0)
    responders (2.4.0)
      actionpack (>= 4.2.0, < 5.3)
      railties (>= 4.2.0, < 5.3)
    sprockets (3.7.2)
      concurrent-ruby (~> 1.0)
      rack (> 1, < 3)
    sprockets-rails (3.2.1)
      actionpack (>= 4.0)
      activesupport (>= 4.0)
      sprockets (>= 3.0.0)
    table_print (1.5.6)
    thor (0.20.3)
    thread_safe (0.3.6)
    tzinfo (1.2.5)
      thread_safe (~> 0.1)
    warden (1.2.8)
      rack (>= 2.0.6)
    warden-jwt_auth (0.3.5)
      dry-auto_inject (~> 0.4)
      dry-configurable (~> 0.5)
      jwt (~> 2.1)
      warden (~> 1.2)
    websocket-driver (0.6.5)
      websocket-extensions (>= 0.1.0)
    websocket-extensions (0.1.3)

PLATFORMS
  ruby

DEPENDENCIES
  active_model_serializers
  byebug
  devise
  devise-jwt
  dotenv-rails
  httparty
  jbuilder (~> 2.5)
  listen (~> 3.0.5)
  pg (>= 0.18, < 2.0)
  puma (~> 3.0)
  rails (~> 5.0.7)
  redis
  table_print
  tzinfo-data

RUBY VERSION
   ruby 2.5.3p105

BUNDLED WITH
   1.17.3
